GEM
  remote: https://rubygems.org/
  specs:
    actionmailer (4.1.14)
      actionpack (= 4.1.14)
      actionview (= 4.1.14)
      mail (~> 2.5, >= 2.5.4)
    actionpack (4.1.14)
      actionview (= 4.1.14)
      activesupport (= 4.1.14)
      rack (~> 1.5.2)
      rack-test (~> 0.6.2)
    actionview (4.1.14)
      activesupport (= 4.1.14)
      builder (~> 3.1)
      erubis (~> 2.7.0)
    activemodel (4.1.14)
      activesupport (= 4.1.14)
      builder (~> 3.1)
    activerecord (4.1.14)
      activemodel (= 4.1.14)
      activesupport (= 4.1.14)
      arel (~> 5.0.0)
    activesupport (4.1.14)
      i18n (~> 0.6, >= 0.6.9)
      json (~> 1.7, >= 1.7.7)
      minitest (~> 5.1)
      thread_safe (~> 0.1)
      tzinfo (~> 1.1)
    arel (5.0.1.20140414130214)
    autoprefixer-rails (6.3.1)
      execjs
      json
    bootstrap-sass (3.3.5)
      autoprefixer-rails (>= 5.0.0.1)
      sass (>= 3.2.19)
    builder (3.2.2)
    capistrano (3.4.0)
      i18n
      rake (>= 10.0.0)
      sshkit (~> 1.3)
    capistrano-bundler (1.1.4)
      capistrano (~> 3.1)
      sshkit (~> 1.2)
    capistrano-rails (1.1.6)
      capistrano (~> 3.1)
      capistrano-bundler (~> 1.1)
    chronic (0.10.2)
    coffee-rails (4.0.1)
      coffee-script (>= 2.2.0)
      railties (>= 4.0.0, < 5.0)
    coffee-script (2.4.1)
      coffee-script-source
      execjs
    coffee-script-source (1.10.0)
    em-websocket (0.5.1)
      eventmachine (>= 0.12.9)
      http_parser.rb (~> 0.6.0)
    erubis (2.7.0)
    eventmachine (1.0.9.1)
    execjs (2.6.0)
    hike (1.2.3)
    http_parser.rb (0.6.0)
    i18n (0.7.0)
    jbuilder (2.4.0)
      activesupport (>= 3.0.0, < 5.1)
      multi_json (~> 1.2)
    jquery-rails (3.1.4)
      railties (>= 3.0, < 5.0)
      thor (>= 0.14, < 2.0)
    json (1.8.3)
    libv8 (3.16.14.13)
    mail (2.6.3)
      mime-types (>= 1.16, < 3)
    mime-types (2.99)
    minitest (5.8.4)
    multi_json (1.11.2)
    net-scp (1.2.1)
      net-ssh (>= 2.6.5)
    net-ssh (3.0.2)
    pg (0.18.4)
    rack (1.5.5)
    rack-test (0.6.3)
      rack (>= 1.0)
    rails (4.1.14)
      actionmailer (= 4.1.14)
      actionpack (= 4.1.14)
      actionview (= 4.1.14)
      activemodel (= 4.1.14)
      activerecord (= 4.1.14)
      activesupport (= 4.1.14)
      bundler (>= 1.3.0, < 2.0)
      railties (= 4.1.14)
      sprockets-rails (~> 2.0)
    railties (4.1.14)
      actionpack (= 4.1.14)
      activesupport (= 4.1.14)
      rake (>= 0.8.7)
      thor (>= 0.18.1, < 2.0)
    rake (10.5.0)
    rdiscount (2.1.8)
    rdoc (4.2.1)
      json (~> 1.4)
    ref (2.0.0)
    sass (3.2.19)
    sass-rails (4.0.5)
      railties (>= 4.0.0, < 5.0)
      sass (~> 3.2.2)
      sprockets (~> 2.8, < 3.0)
      sprockets-rails (~> 2.0)
    sdoc (0.4.1)
      json (~> 1.7, >= 1.7.7)
      rdoc (~> 4.0)
    spring (1.6.2)
    sprockets (2.12.4)
      hike (~> 1.2)
      multi_json (~> 1.0)
      rack (~> 1.0)
      tilt (~> 1.1, != 1.3.0)
    sprockets-rails (2.3.3)
      actionpack (>= 3.0)
      activesupport (>= 3.0)
      sprockets (>= 2.8, < 4.0)
    sshkit (1.8.1)
      net-scp (>= 1.1.2)
      net-ssh (>= 2.8.0)
    therubyracer (0.12.2)
      libv8 (~> 3.16.14.0)
      ref
    thor (0.19.1)
    thread_safe (0.3.5)
    tilt (1.4.1)
    turbolinks (2.5.3)
      coffee-rails
    tzinfo (1.2.2)
      thread_safe (~> 0.1)
    uglifier (2.7.2)
      execjs (>= 0.3.0)
      json (>= 1.8.0)
    whenever (0.9.4)
      chronic (>= 0.6.3)

PLATFORMS
  ruby

DEPENDENCIES
  bootstrap-sass
  capistrano-rails
  coffee-rails (~> 4.0.0)
  em-websocket
  jbuilder (~> 2.0)
  jquery-rails
  pg
  rails (~> 4.1.2)
  rdiscount
  sass-rails (~> 4.0.3)
  sdoc (~> 0.4.0)
  spring
  therubyracer
  turbolinks
  uglifier (>= 1.3.0)
  whenever

BUNDLED WITH
   1.11.2
